GEM
  specs:
    concurrent-ruby (1.1.9)
    datahen (0.20.0)
      concurrent-ruby (~> 1.1)
      httparty (~> 0.16.2)
      nokogiri (~> 1.6)
      parallel (~> 1.20)
      thor (~> 0.20.3)
    httparty (0.16.4)
      mime-types (~> 3.0)
      multi_xml (>= 0.5.2)
    mime-types (3.4.1)
      mime-types-data (~> 3.2015)
    mime-types-data (3.2022.0105)
    multi_xml (0.6.0)
    nokogiri (1.13.3-x86_64-linux)
      racc (~> 1.4)
    parallel (1.21.0)
    racc (1.6.0)
    thor (0.20.3)

PLATFORMS
  ruby

DEPENDENCIES
  datahen

BUNDLED WITH
   1.17.2
